GIT
  remote: https://github.com/tstmedia/rack-proxy.git
  revision: 2fc15874a150a847c5213104b3d7185f8a0492f0
  specs:
    rack-proxy (0.3.7)
      rack

PATH
  remote: .
  specs:
    rack-reverse-proxy (0.7.0)
      rack (>= 1.0.0)

GEM
  remote: https://rubygems.org/
  specs:
    addressable (2.2.6)
    coderay (1.0.9)
    crack (0.1.8)
    ffi (1.9.0)
    ffi (1.9.0-java)
    formatador (0.2.4)
    guard (1.8.1)
      formatador (>= 0.2.4)
      listen (>= 1.0.0)
      lumberjack (>= 1.0.2)
      pry (>= 0.9.10)
      thor (>= 0.14.6)
    guard-bundler (1.0.0)
      bundler (~> 1.0)
      guard (~> 1.1)
    guard-rspec (1.2.1)
      guard (>= 1.1)
    guard-shell (0.5.1)
      guard (>= 1.1.0)
    listen (1.2.2)
      rb-fsevent (>= 0.9.3)
      rb-inotify (>= 0.9)
      rb-kqueue (>= 0.2)
    lumberjack (1.0.4)
    method_source (0.8.1)
    pry (0.9.12.2)
      coderay (~> 1.0.5)
      method_source (~> 0.8)
      slop (~> 3.4)
    pry (0.9.12.2-java)
      coderay (~> 1.0.5)
      method_source (~> 0.8)
      slop (~> 3.4)
      spoon (~> 0.0)
    rack (1.4.1)
    rack-test (0.5.7)
      rack (>= 1.0)
    rake (0.8.7)
    rb-fsevent (0.9.3)
    rb-inotify (0.9.0)
      ffi (>= 0.5.0)
    rb-kqueue (0.2.0)
      ffi (>= 0.5.0)
    rspec (1.3.2)
    slop (3.4.5)
    spoon (0.0.4)
      ffi
    terminal-notifier-guard (1.5.3)
    thor (0.18.1)
    webmock (1.5.0)
      addressable (>= 2.2.2)
      crack (>= 0.1.7)

PLATFORMS
  java
  ruby

DEPENDENCIES
  guard
  guard-bundler
  guard-rspec
  guard-shell
  rack-proxy!
  rack-reverse-proxy!
  rack-test (~> 0.5.7)
  rake (~> 0.8.7)
  rb-fsevent
  rspec (~> 1.3.2)
  terminal-notifier-guard
  webmock (~> 1.5.0)
